PATH
  remote: .
  specs:
    starman (0.0.1)
      dalli
      haml
      kgio
      less
      sinatra (~> 1.3.3)
      sinatra-partial

GEM
  remote: https://rubygems.org/
  specs:
    builder (3.2.0)
    capybara (2.0.3)
      mime-types (>= 1.16)
      nokogiri (>= 1.3.3)
      rack (>= 1.0.0)
      rack-test (>= 0.5.4)
      selenium-webdriver (~> 2.0)
      xpath (~> 1.0.0)
    childprocess (0.3.9)
      ffi (~> 1.0, >= 1.0.11)
    commonjs (0.2.6)
    cucumber (1.2.3)
      builder (>= 2.1.2)
      diff-lcs (>= 1.1.3)
      gherkin (~> 2.11.6)
      multi_json (~> 1.3)
    dalli (2.6.2)
    diff-lcs (1.2.2)
    ffi (1.6.0)
    gherkin (2.11.6)
      json (>= 1.7.6)
    haml (4.0.1)
      tilt
    json (1.7.7)
    kgio (2.8.0)
    less (2.3.1)
      commonjs (~> 0.2.6)
    mime-types (1.22)
    multi_json (1.7.2)
    nokogiri (1.5.9)
    rack (1.5.2)
    rack-protection (1.5.0)
      rack
    rack-test (0.6.2)
      rack (>= 1.0)
    rake (10.0.4)
    rspec (2.13.0)
      rspec-core (~> 2.13.0)
      rspec-expectations (~> 2.13.0)
      rspec-mocks (~> 2.13.0)
    rspec-core (2.13.1)
    rspec-expectations (2.13.0)
      diff-lcs (>= 1.1.3, < 2.0)
    rspec-mocks (2.13.0)
    rubyzip (0.9.9)
    selenium-webdriver (2.31.0)
      childprocess (>= 0.2.5)
      multi_json (~> 1.0)
      rubyzip
      websocket (~> 1.0.4)
    sinatra (1.3.6)
      rack (~> 1.4)
      rack-protection (~> 1.3)
      tilt (~> 1.3, >= 1.3.3)
    sinatra-partial (0.4.0)
      sinatra
    tilt (1.3.6)
    websocket (1.0.7)
    xpath (1.0.0)
      nokogiri (~> 1.3)

PLATFORMS
  ruby

DEPENDENCIES
  bundler (~> 1.3)
  capybara
  cucumber
  rake
  rspec
  starman!
